GEM
  remote: https://rubygems.org/
  specs:
    sorbet (0.5.11262)
      sorbet-static (= 0.5.11262)
    sorbet-static (0.5.11262-x86_64-linux)

PLATFORMS
  ruby
  x86_64-linux

DEPENDENCIES
  sorbet

BUNDLED WITH
   2.5.6
